PATH
  remote: .
  specs:
    ruby-address_base_registory (0.0.1)
      faraday (>= 1)

GEM
  remote: https://rubygems.org/
  specs:
    diff-lcs (1.6.2)
    faraday (2.13.1)
      faraday-net_http (>= 2.0, < 3.5)
      json
      logger
    faraday-net_http (3.4.0)
      net-http (>= 0.5.0)
    json (2.12.2)
    logger (1.7.0)
    net-http (0.6.0)
      uri
    rspec (3.13.1)
      rspec-core (~> 3.13.0)
      rspec-expectations (~> 3.13.0)
      rspec-mocks (~> 3.13.0)
    rspec-core (3.13.4)
      rspec-support (~> 3.13.0)
    rspec-expectations (3.13.5)
      diff-lcs (>= 1.2.0, < 2.0)
      rspec-support (~> 3.13.0)
    rspec-mocks (3.13.5)
      diff-lcs (>= 1.2.0, < 2.0)
      rspec-support (~> 3.13.0)
    rspec-support (3.13.4)
    uri (1.0.3)

PLATFORMS
  ruby
  x86_64-linux

DEPENDENCIES
  rspec (~> 3.0)
  ruby-address_base_registory!

BUNDLED WITH
   2.6.3
